GEM
  remote: https://rubygems.org/
  specs:
    minitest (5.20.0)

PLATFORMS
  arm64-darwin-23

DEPENDENCIES
  minitest

BUNDLED WITH
   2.4.10
